GEM
  remote: http://rubygems.org/
  specs:
    actionmailer (2.3.8)
      actionpack (= 2.3.8)
    actionpack (2.3.8)
      activesupport (= 2.3.8)
      rack (~> 1.1.0)
    activerecord (2.3.8)
      activesupport (= 2.3.8)
    activeresource (2.3.8)
      activesupport (= 2.3.8)
    activesupport (2.3.8)
    cgi_multipart_eof_fix (2.5.0)
    daemons (1.1.9)
    declarative_authorization (0.5.7)
    fastthread (1.0.7)
    gem_plugin (0.2.3)
    i18n (0.4.2)
    mongrel (1.1.5)
      cgi_multipart_eof_fix (>= 2.4)
      daemons (>= 1.0.3)
      fastthread (>= 1.0.1)
      gem_plugin (>= 0.2.3)
    mysql (2.9.1)
    rack (1.1.6)
    rails (2.3.8)
      actionmailer (= 2.3.8)
      actionpack (= 2.3.8)
      activerecord (= 2.3.8)
      activeresource (= 2.3.8)
      activesupport (= 2.3.8)
      rake (>= 0.8.3)
    rake (10.3.2)
    rush (0.4.2)
      mongrel
      session
    session (3.2.0)

PLATFORMS
  ruby

DEPENDENCIES
  declarative_authorization (~> 0.5.1)
  i18n (~> 0.4.2)
  mysql (= 2.9.1)
  rails (= 2.3.8)
  rush (~> 0.4.2)
