GIT
  remote: git://github.com/railsdog/searchlogic.git
  revision: dfe4a45f224aa84d5dcc1c1e28c598b08b7aee7a
  specs:
    rd_searchlogic (3.0.1)
      activerecord (>= 3.0.0)

GEM
  remote: http://rubygems.org/
  specs:
    abstract (1.0.0)
    actionmailer (3.0.9)
      actionpack (= 3.0.9)
      mail (~> 2.2.19)
    actionpack (3.0.9)
      activemodel (= 3.0.9)
      activesupport (= 3.0.9)
      builder (~> 2.1.2)
      erubis (~> 2.6.6)
      i18n (~> 0.5.0)
      rack (~> 1.2.1)
      rack-mount (~> 0.6.14)
      rack-test (~> 0.5.7)
      tzinfo (~> 0.3.23)
    activemodel (3.0.9)
      activesupport (= 3.0.9)
      builder (~> 2.1.2)
      i18n (~> 0.5.0)
    activerecord (3.0.9)
      activemodel (= 3.0.9)
      activesupport (= 3.0.9)
      arel (~> 2.0.10)
      tzinfo (~> 0.3.23)
    activeresource (3.0.9)
      activemodel (= 3.0.9)
      activesupport (= 3.0.9)
    activesupport (3.0.9)
    arel (2.0.10)
    builder (2.1.2)
    calendar_date_select (1.16.1)
    cgi_multipart_eof_fix (2.5.0)
    chardet (0.9.0)
    cocaine (0.3.2)
    columnize (0.8.9)
    daemons (1.1.9)
    declarative_authorization (0.5.7)
    delayed_job (4.0.4)
      activesupport (>= 3.0, < 4.2)
    delayed_job_active_record (4.0.2)
      activerecord (>= 3.0, < 4.2)
      delayed_job (>= 3.0, < 4.1)
    erubis (2.6.6)
      abstract (>= 1.0.0)
    fastthread (1.0.7)
    gem_plugin (0.2.3)
    haml (4.0.5)
      tilt
    has_and_belongs_to_many_with_deferred_save (0.2.0)
      activerecord
    hoe (3.13.0)
      rake (>= 0.8, < 11.0)
    html5 (0.10.0)
      chardet (>= 0.9.0)
      hoe (>= 1.2.0)
    i18n (0.5.4)
    in_place_editing (1.2.0)
    json (1.8.1)
    linecache (0.46)
      rbx-require-relative (> 0.0.4)
    mail (2.2.20)
      activesupport (>= 2.3.6)
      i18n (>= 0.4.0)
      mime-types (~> 1.16)
      treetop (~> 1.4.8)
    mime-types (1.25.1)
    mongrel (1.1.5)
      cgi_multipart_eof_fix (>= 2.4)
      daemons (>= 1.0.3)
      fastthread (>= 1.0.1)
      gem_plugin (>= 0.2.3)
    mysql (2.9.1)
    nokogiri (1.5.11)
    paperclip (2.7.5)
      activerecord (>= 2.3.0)
      activesupport (>= 2.3.2)
      cocaine (~> 0.3.0)
      mime-types
    polyglot (0.3.5)
    rack (1.2.8)
    rack-mount (0.6.14)
      rack (>= 1.0.0)
    rack-test (0.5.7)
      rack (>= 1.0)
    rails (3.0.9)
      actionmailer (= 3.0.9)
      actionpack (= 3.0.9)
      activerecord (= 3.0.9)
      activeresource (= 3.0.9)
      activesupport (= 3.0.9)
      bundler (~> 1.0)
      railties (= 3.0.9)
    railties (3.0.9)
      actionpack (= 3.0.9)
      activesupport (= 3.0.9)
      rake (>= 0.8.7)
      rdoc (~> 3.4)
      thor (~> 0.14.4)
    rake (0.8.7)
    rbx-require-relative (0.0.9)
    rdoc (3.12.2)
      json (~> 1.4)
    ruby-debug (0.10.4)
      columnize (>= 0.1)
      ruby-debug-base (~> 0.10.4.0)
    ruby-debug-base (0.10.4)
      linecache (>= 0.3)
    rush (0.4.2)
      mongrel
      session
    session (3.2.0)
    thor (0.14.6)
    tilt (2.0.1)
    translator (1.0.0)
    treetop (1.4.15)
      polyglot
      polyglot (>= 0.3.1)
    tzinfo (0.3.42)
    webrat (0.7.3)
      nokogiri (>= 1.2.0)
      rack (>= 1.0)
      rack-test (>= 0.5.3)
    wicked_pdf (0.7.0)
    will_paginate (2.3.16)
    xss_terminate (0.22)
      html5 (>= 0.10.0)

PLATFORMS
  ruby

DEPENDENCIES
  calendar_date_select (= 1.16.1)
  declarative_authorization (~> 0.5.1)
  delayed_job_active_record
  haml
  has_and_belongs_to_many_with_deferred_save (= 0.2.0)
  in_place_editing
  mysql
  nokogiri (~> 1.5.10)
  paperclip (= 2.7.5)
  rails (= 3.0.9)
  rake (~> 0.8.7)
  rd_searchlogic!
  ruby-debug
  rush (~> 0.4.2)
  translator (= 1.0.0)
  webrat
  wicked_pdf (= 0.7.0)
  will_paginate (= 2.3.16)
  xss_terminate
